GEM
  remote: http://rubygems.org/
  specs:
    builder (3.0.0)
    json (1.7.3)
    mime-types (1.18)
    nokogiri (1.5.2)
    plist (3.1.0)
    rake (0.9.2.2)
    rest-client (1.6.7)
      mime-types (>= 1.16)
    xcoder (0.1.12)
      builder
      json
      nokogiri
      plist
      rest-client

PLATFORMS
  ruby

DEPENDENCIES
  rake
  xcoder
